GEM
  remote: https://rubygems.org/
  specs:
    adsf (1.2.1)
      rack (>= 1.0.0)
    builder (3.2.3)
    coderay (1.1.1)
    colored (1.2)
    concurrent-ruby (1.0.4)
    cri (2.7.1)
      colored (~> 1.2)
    ddplugin (1.0.0)
    ffi (1.9.17)
    formatador (0.2.5)
    guard (2.14.1)
      formatador (>= 0.2.4)
      listen (>= 2.7, < 4.0)
      lumberjack (~> 1.0)
      nenv (~> 0.1)
      notiffany (~> 0.0)
      pry (>= 0.9.12)
      shellany (~> 0.0)
      thor (>= 0.18.1)
    guard-compat (1.2.1)
    guard-nanoc (2.1.1)
      guard (~> 2.8)
      guard-compat (~> 1.0)
      nanoc (>= 4.3.8, < 5.0)
    hamster (3.0.0)
      concurrent-ruby (~> 1.0)
    listen (3.1.5)
      rb-fsevent (~> 0.9, >= 0.9.4)
      rb-inotify (~> 0.9, >= 0.9.7)
      ruby_dep (~> 1.2)
    lumberjack (1.0.11)
    method_source (0.8.2)
    mini_portile2 (2.1.0)
    multi_json (1.12.1)
    nanoc (4.6.1)
      cri (~> 2.3)
      ddplugin (~> 1.0)
      hamster (~> 3.0)
      ref (~> 2.0)
    nanoc-git (2.0.0)
      nanoc (~> 4.5)
    nenv (0.3.0)
    nokogiri (1.7.0.1)
      mini_portile2 (~> 2.1.0)
    notiffany (0.1.1)
      nenv (~> 0.1)
      shellany (~> 0.0)
    pry (0.10.4)
      coderay (~> 1.1.0)
      method_source (~> 0.8.1)
      slop (~> 3.4)
    pygments.rb (1.1.1)
      multi_json (>= 1.0.0)
    rack (2.0.1)
    rb-fsevent (0.9.8)
    rb-inotify (0.9.8)
      ffi (>= 0.5.0)
    rdiscount (2.2.0.1)
    ref (2.0.0)
    ruby_dep (1.5.0)
    rubypants (0.6.0)
    sass (3.4.23)
    shellany (0.0.1)
    slop (3.6.0)
    systemu (2.6.5)
    thor (0.19.4)

PLATFORMS
  ruby

DEPENDENCIES
  adsf
  builder
  guard-nanoc
  nanoc (~> 4.1)
  nanoc-git
  nokogiri
  pygments.rb
  rdiscount
  rubypants
  sass
  systemu

BUNDLED WITH
   1.14.3
