GEM
  remote: https://rubygems.org/
  specs:
    builder (3.2.2)
    colored (1.2)
    cri (2.4.0)
      colored (>= 1.2)
    mini_portile (0.5.1)
    nanoc (3.6.4)
      cri (~> 2.3)
    nokogiri (1.6.0)
      mini_portile (~> 0.5.0)
    posix-spawn (0.3.6)
    pygments.rb (0.5.2)
      posix-spawn (~> 0.3.6)
      yajl-ruby (~> 1.1.0)
    rdiscount (2.1.6)
    rubypants (0.2.0)
    sass (3.2.10)
    systemu (2.5.2)
    yajl-ruby (1.1.0)

PLATFORMS
  ruby

DEPENDENCIES
  builder
  nanoc
  nokogiri
  pygments.rb
  rdiscount
  rubypants
  sass
  systemu
